GEM
  remote: https://rubygems.org/
  specs:
    dotenv (3.1.4)

PLATFORMS
  arm64-darwin-24
  ruby

DEPENDENCIES
  dotenv

BUNDLED WITH
   2.5.23
